GEM
  remote: https://rubygems.org/
  specs:
    mini_portile2 (2.4.0)
    nokogiri (1.10.9-x64-mingw32)
      mini_portile2 (~> 2.4.0)
    roo (2.8.3)
      nokogiri (~> 1)
      rubyzip (>= 1.3.0, < 3.0.0)
    rubyXL (3.4.12)
      nokogiri (>= 1.4.4)
      rubyzip (>= 1.3.0)
    rubyzip (2.2.0)
    write_xlsx (0.85.7)
      rubyzip (>= 1.0.0)
      zip-zip
    zip-zip (0.3)
      rubyzip (>= 1.0.0)

PLATFORMS
  x64-mingw32

DEPENDENCIES
  roo!
  rubyXL!
  write_xlsx!

BUNDLED WITH
   2.1.4
